GEM
  remote: https://rubygems.org/
  specs:
    addressable (2.8.1)
      public_suffix (>= 2.0.2, < 6.0)
    builder (3.2.4)
    domain_name (0.5.20190701)
      unf (>= 0.0.5, < 1.0.0)
    faraday (2.5.2)
      faraday-net_http (>= 2.0, < 3.1)
      ruby2_keywords (>= 0.0.4)
    faraday-net_http (3.0.0)
    faraday-retry (2.0.0)
      faraday (~> 2.0)
    ffi (1.15.5)
    ffi-compiler (1.0.1)
      ffi (>= 1.0.0)
      rake
    http (5.1.0)
      addressable (~> 2.8)
      http-cookie (~> 1.0)
      http-form_data (~> 2.2)
      llhttp-ffi (~> 0.4.0)
    http-cookie (1.0.5)
      domain_name (~> 0.5)
    http-form_data (2.3.0)
    llhttp-ffi (0.4.0)
      ffi-compiler (~> 1.0)
      rake (~> 13.0)
    marc (1.2.0)
      rexml
      scrub_rb (>= 1.0.1, < 2)
      unf
    minitar (0.9)
    nokogiri (1.13.8-x86_64-linux)
      racc (~> 1.4)
    public_suffix (5.0.0)
    racc (1.6.0)
    rake (13.0.6)
    retriable (3.1.2)
    rexml (3.2.5)
    rsolr (2.5.0)
      builder (>= 2.1.2)
      faraday (>= 0.9, < 3, != 2.0.0)
    ruby-progressbar (1.11.0)
    ruby2_keywords (0.0.5)
    scrub_rb (1.0.1)
    solr_wrapper (4.0.2)
      http
      minitar
      retriable
      ruby-progressbar
    unf (0.1.4)
      unf_ext
    unf_ext (0.0.8.2)

PLATFORMS
  x86_64-linux

DEPENDENCIES
  faraday
  faraday-retry
  marc
  nokogiri
  rsolr
  solr_wrapper

BUNDLED WITH
   2.3.22
